GEM
  remote: https://rubygems.org/
  specs:
    adsf (1.2.0)
      rack (>= 1.0.0)
    colored (1.2)
    cri (2.6.1)
      colored (~> 1.2)
    execjs (2.2.1)
    haml (4.0.5)
      tilt
    json (1.8.1)
    nanoc (3.7.1)
      cri (~> 2.3)
    nanoc-cachebuster (0.3.1)
      nanoc (>= 3.3.0)
    rack (1.5.2)
    rainpress (1.0)
    rake (10.3.2)
    sass (3.3.11)
    tilt (2.0.1)
    uglifier (2.5.3)
      execjs (>= 0.3.0)
      json (>= 1.8.0)

PLATFORMS
  x64-mingw32

DEPENDENCIES
  adsf
  haml
  nanoc
  nanoc-cachebuster
  rack
  rainpress
  rake
  sass
  uglifier
